GEM
  remote: http://rubygems.org/
  specs:
    adsf (1.1.1)
      rack (>= 1.0.0)
    colored (1.2)
    cri (2.3.0)
      colored (>= 1.2)
    listen (0.7.2)
    mime-types (1.19)
    nanoc (3.5.0)
      cri (~> 2.2)
    nokogiri (1.5.6)
    posix-spawn (0.3.6)
    pygments.rb (0.3.7)
      posix-spawn (~> 0.3.6)
      yajl-ruby (~> 1.1.0)
    rack (1.5.1)
    rb-fsevent (0.9.3)
    redcarpet (2.2.2)
    yajl-ruby (1.1.0)

PLATFORMS
  ruby

DEPENDENCIES
  adsf
  listen
  mime-types
  nanoc
  nokogiri
  pygments.rb
  rb-fsevent
  redcarpet
